PATH
  remote: .
  specs:
    asin (1.0.0)
      confiture (>= 0.1)
      crack (>= 0.3)
      hashie (>= 1.1)
      httpi (>= 0.9)

GEM
  remote: http://rubygems.org/
  specs:
    addressable (2.3.2)
    coderay (1.0.7)
    confiture (0.1.2)
    crack (0.3.1)
    diff-lcs (1.1.3)
    hashie (1.2.0)
    httpclient (2.2.7)
    httpi (1.1.1)
      rack
    method_source (0.8)
    pry (0.9.10)
      coderay (~> 1.0.5)
      method_source (~> 0.8)
      slop (~> 3.3.1)
    pry (0.9.10-java)
      coderay (~> 1.0.5)
      method_source (~> 0.8)
      slop (~> 3.3.1)
      spoon (~> 0.0)
    rack (1.4.1)
    rake (0.9.2.2)
    rspec (2.11.0)
      rspec-core (~> 2.11.0)
      rspec-expectations (~> 2.11.0)
      rspec-mocks (~> 2.11.0)
    rspec-core (2.11.1)
    rspec-expectations (2.11.3)
      diff-lcs (~> 1.1.3)
    rspec-mocks (2.11.3)
    slop (3.3.3)
    spoon (0.0.1)
    vcr (2.2.5)
    webmock (1.8.10)
      addressable (>= 2.2.7)
      crack (>= 0.1.7)

PLATFORMS
  java
  ruby

DEPENDENCIES
  asin!
  httpclient (>= 2.2.3)
  pry (~> 0.9.9)
  rake (~> 0.9.2.2)
  rspec (~> 2.11.0)
  vcr (~> 2.2.5)
  webmock (~> 1.8.7)
